PATH
  remote: .
  specs:
    cane (1.0.0)
      tailor

GEM
  remote: http://rubygems.org/
  specs:
    diff-lcs (1.1.3)
    multi_json (1.0.4)
    rake (13.0.1)
    rspec (2.7.0)
      rspec-core (~> 2.7.0)
      rspec-expectations (~> 2.7.0)
      rspec-mocks (~> 2.7.0)
    rspec-core (2.7.1)
    rspec-expectations (2.7.0)
      diff-lcs (~> 1.1.2)
    rspec-mocks (2.7.0)
    simplecov (0.5.4)
      multi_json (~> 1.0.3)
      simplecov-html (~> 0.5.3)
    simplecov-html (0.5.3)
    tailor (0.1.5)
      term-ansicolor (>= 1.0.5)
    term-ansicolor (1.0.7)

PLATFORMS
  ruby

DEPENDENCIES
  cane!
  rake
  rspec (~> 2.0)
  simplecov
